GEM
  remote: https://rubygems.org/
  specs:
    CFPropertyList (2.2.8)
    activesupport (4.2.11.1)
      i18n (~> 0.7)
      minitest (~> 5.1)
      thread_safe (~> 0.3, >= 0.3.4)
      tzinfo (~> 1.1)
    artii (2.1.2)
    awesome_print (1.8.0)
    bibtex-ruby (5.1.0)
      latex-decode (~> 0.0)
    citeproc (1.0.7)
      namae (~> 1.0)
    coderay (1.1.2)
    concurrent-ruby (1.1.6)
    configatron (3.2.0)
    csl (1.5.0)
      namae (~> 1.0)
    csl-styles (1.0.1.8)
      csl (~> 1.0)
    deep_merge (1.0.1)
    diffy (3.4.2)
    facter (2.4.6)
    facter (2.4.6-universal-darwin)
      CFPropertyList (~> 2.2.6)
    falkorlib (0.8.5)
      activesupport (~> 4.0)
      artii (>= 2.1)
      awesome_print (~> 1.2)
      configatron (~> 3.0)
      deep_merge (~> 1.0.1)
      diffy (>= 3.0)
      facter (~> 2.4.1)
      git_remote_branch (~> 0)
      json (~> 2.0)
      license-generator (~> 0)
      logger (>= 1.2.8)
      minigit (~> 0)
      rake (>= 12.3.3)
      term-ansicolor (~> 1.3)
      thor (>= 1.0)
    git_remote_branch (0.3.8)
    i18n (0.9.5)
      concurrent-ruby (~> 1.0)
    json (2.3.0)
    latex-decode (0.3.1)
    license-generator (0.4.1)
      thor
    logger (1.4.2)
    method_source (0.9.0)
    minigit (0.0.4)
    minitest (5.14.0)
    namae (1.0.1)
    pry (0.11.3)
      coderay (~> 1.1.0)
      method_source (~> 0.9.0)
    rake (13.0.1)
    sync (0.5.0)
    term-ansicolor (1.7.1)
      tins (~> 1.0)
    thor (1.0.1)
    thread_safe (0.3.6)
    tins (1.24.1)
      sync
    tzinfo (1.2.7)
      thread_safe (~> 0.1)
    unicode (0.4.4.4)

PLATFORMS
  ruby
  x86_64-darwin-16
  x86_64-darwin-18

DEPENDENCIES
  bibtex-ruby
  citeproc
  csl-styles
  falkorlib
  pry
  unicode

BUNDLED WITH
   1.17.3
