GEM
  remote: https://rubygems.org/
  specs:
    CFPropertyList (2.2.8)
    activesupport (6.1.7.6)
      concurrent-ruby (~> 1.0, >= 1.0.2)
      i18n (>= 1.6, < 2)
      minitest (>= 5.1)
      tzinfo (~> 2.0)
      zeitwerk (~> 2.3)
    artii (2.1.2)
    awesome_print (1.9.2)
    bibtex-ruby (6.0.0)
      latex-decode (~> 0.0)
    citeproc (1.0.10)
      namae (~> 1.0)
    coderay (1.1.3)
    concurrent-ruby (1.2.2)
    configatron (3.2.0)
    csl (2.0.0)
      namae (~> 1.0)
      rexml
    csl-styles (2.0.1)
      csl (~> 2.0)
    deep_merge (1.2.2)
    diffy (3.4.2)
    facter (2.4.6)
    facter (2.4.6-universal-darwin)
      CFPropertyList (~> 2.2.6)
    falkorlib (0.9.0)
      activesupport (~> 6.1, >= 6.1.7.5)
      artii (~> 2.1, >= 2.1.2)
      awesome_print (~> 1.9, >= 1.9.2)
      configatron (~> 3.0)
      deep_merge (~> 1.0)
      diffy (~> 3.4, >= 3.4.2)
      facter (~> 2.4.1)
      git_remote_branch (~> 0)
      json (~> 2.6, >= 2.6.3)
      license-generator (~> 0)
      logger (~> 1.6)
      minigit (~> 0)
      rake (~> 13.1)
      term-ansicolor (> 1.3)
      thor (~> 1.3)
    git_remote_branch (0.3.8)
    i18n (1.14.1)
      concurrent-ruby (~> 1.0)
    json (2.7.1)
    latex-decode (0.4.0)
    license-generator (0.4.1)
      thor
    logger (1.6.0)
    method_source (1.0.0)
    minigit (0.0.4)
    minitest (5.20.0)
    namae (1.1.1)
    pry (0.14.2)
      coderay (~> 1.1)
      method_source (~> 1.0)
    rake (13.1.0)
    rexml (3.2.6)
    sync (0.5.0)
    term-ansicolor (1.7.1)
      tins (~> 1.0)
    thor (1.3.0)
    tins (1.32.1)
      sync
    tzinfo (2.0.6)
      concurrent-ruby (~> 1.0)
    unicode (0.4.4.4)
    zeitwerk (2.6.12)

PLATFORMS
  ruby
  x86_64-darwin-16
  x86_64-darwin-18

DEPENDENCIES
  bibtex-ruby
  citeproc
  csl-styles
  falkorlib
  pry
  unicode

BUNDLED WITH
   1.17.3
